GIT
  remote: git://github.com/rack/rack-contrib.git
  revision: 6ff3ca2b2d988911ca52a2712f6a7da5e064aa27
  specs:
    rack-contrib (1.2.0)
      rack (>= 0.9.1)

GEM
  remote: http://rubygems.org/
  specs:
    SassyCast (1.0.0)
    SassyJSON (1.1.2)
    SassyLists (0.4.9)
      compass (>= 0.12.1)
      sass (>= 3.2.0)
    bitters-compass (0.9.2)
      bourbon-compass (>= 3.1.3)
      compass (>= 0.11)
      neat-compass (>= 1.4.0)
      sass (>= 3.2)
    bootstrap-sass (3.1.0.0)
      sass (~> 3.2)
    bourbon-compass (3.2.0.beta.1.a)
      compass (>= 0.13.alpha.10)
      sass (>= 3.3.0.rc.1)
    breakpoint (2.4.1)
      compass (~> 1.0.0.alpha.13)
      sass (~> 3.3.0.rc.2)
      sassy-maps (< 1.0.0)
    breakpoint-slicer (1.2)
      breakpoint (>= 2.0.1)
      compass (>= 0.12.2)
      sass (>= 3.2.1)
    breakup (0.2.1)
      compass (>= 0.12.2)
      sass (>= 3.2.0)
    ceaser-easing (0.7)
      compass (>= 0.12.2)
      rake
    chunky_png (1.2.9)
    coderay (1.1.0)
    color-schemer (0.2.8)
      compass-blend-modes (~> 0.0.2)
    compass (1.0.0.alpha.17)
      chunky_png (~> 1.2)
      compass-core (~> 1.0.0.alpha.16)
      compass-import-once (~> 1.0.1)
      json
      listen (~> 1.1.0)
      sass (~> 3.3.0.rc.1)
    compass-blend-modes (0.0.2)
      compass
    compass-core (1.0.0.alpha.16)
      multi_json (~> 1.0)
      sass (>= 3.3.rc.1)
    compass-import-once (1.0.2)
    compass-inuit (5.0.2)
      compass (>= 0.12.2)
    compass-photoshop-drop-shadow (0.0.1)
      compass
    compass-placeholders (1.1.0)
      compass
    compass-yiq-color-contrast (1.1.1)
      compass
      sass
    css-slideshow (0.2.0)
      compass (>= 0.10.0.rc3)
    fancy-buttons (1.2.0)
      compass (>= 0.11)
    ffi (1.9.3)
    fittext (0.0.5)
      compass (>= 0.10.0.rc3)
    grid-coordinates (1.2.0)
      compass (>= 0.11.5)
    harsh (1.0.0)
      compass (>= 0.10.0.rc3)
    jacket (1.0.0)
      compass (>= 0.12.2)
      sass (>= 3.2.0)
    json (1.8.1)
    kgio (2.8.1)
    listen (1.1.6)
      rb-fsevent (>= 0.9.3)
      rb-inotify (>= 0.9)
      rb-kqueue (>= 0.2)
    method_source (0.8.2)
    modular-scale (2.0.0.alpha5)
      compass (>= 0.12.0)
    multi_json (1.8.4)
    neat-compass (1.5.0)
      bourbon-compass (>= 3.1.3)
      compass (>= 0.11)
      sass (>= 3.2)
    newrelic_rpm (3.7.1.188)
    normalize-scss (3.0.0.alpha.1)
      compass (>= 1.0.0.alpha.13)
      sass (>= 3.3.0.pre.rc.1)
    pry (0.9.12.6)
      coderay (~> 1.0)
      method_source (~> 0.8)
      slop (~> 3.4)
    pry-remote (0.1.8)
      pry (~> 0.9)
      slop (~> 3.0)
    rack (1.5.2)
    rack-protection (1.5.2)
      rack
    rack-test (0.6.2)
      rack (>= 1.0)
    raindrops (0.12.0)
    rake (10.1.1)
    rb-fsevent (0.9.4)
    rb-inotify (0.9.3)
      ffi (>= 0.5.0)
    rb-kqueue (0.2.0)
      ffi (>= 0.5.0)
    responsive-sass (0.1.1)
      compass (>= 0.11)
    rwdcalc (0.0.2)
      compass (>= 0.12.2)
      sass (>= 3.2.1)
    salsa (0.0.1)
      compass (>= 0.12.1)
      sass (>= 3.2.0)
    sass (3.3.0.rc.2)
      listen (~> 1.1.0)
    sassy-buttons (0.2.6)
      compass (>= 0.12.2)
    sassy-maps (0.3.1)
      compass (~> 1.0.0.alpha.13)
      sass (~> 3.3.0.rc.2)
    sassy-text-shadow (0.0.4)
      compass (>= 0.11.5)
    sinatra (1.4.4)
      rack (~> 1.4)
      rack-protection (~> 1.4)
      tilt (~> 1.3, >= 1.3.4)
    singularitygs (1.2.0.rc.3)
      breakpoint (>= 2.4.0)
      compass (~> 1.0.0.alpha.13)
      sass (~> 3.3.0.rc.2)
    slop (3.4.7)
    stipe (0.0.6.4)
      compass (>= 0.11)
      sass (>= 3.2.1)
    stitch (0.1.4)
      compass
    susy (2.0.0.beta.3)
      sass (~> 3.3.0.rc.1)
    thor (0.18.1)
    tilt (1.4.1)
    toolkit (2.0.0.alpha.7)
      compass (~> 1.0.0.alpha.17)
      sass (~> 3.3.0.rc.2)
    true (0.1.5)
      compass (>= 0.12.2)
      sass (>= 3.2.0)
    unicorn (4.8.1)
      kgio (~> 2.6)
      rack
      raindrops (~> 0.7)
    zen-grids (1.4)
      sass (>= 3.1)
    zurb-foundation (4.3.2)
      sass (>= 3.2.0)

PLATFORMS
  ruby

DEPENDENCIES
  SassyCast
  SassyJSON
  SassyLists
  bitters-compass
  bootstrap-sass
  bourbon-compass (= 3.2.0.beta.1.a)
  breakpoint (~> 2.4.1)
  breakpoint-slicer
  breakup
  ceaser-easing
  color-schemer
  compass (~> 1.0.0.alpha.17)
  compass-blend-modes
  compass-inuit
  compass-photoshop-drop-shadow
  compass-placeholders
  compass-yiq-color-contrast
  css-slideshow
  fancy-buttons
  fittext
  grid-coordinates
  harsh
  jacket
  modular-scale (~> 2.0.0.alpha4)
  neat-compass
  newrelic_rpm
  normalize-scss (~> 3.0.0.alpha.1)
  pry-remote
  rack-contrib!
  rack-test
  rake
  responsive-sass
  rwdcalc
  salsa
  sass (~> 3.3.0.rc.2)
  sassy-buttons
  sassy-maps (~> 0.3.1)
  sassy-text-shadow
  sinatra
  singularitygs (~> 1.2.0.rc.1)
  stipe
  stitch
  susy (~> 2.0.0.beta.2)
  thor
  toolkit (~> 2.0.0.alpha.3)
  true
  unicorn
  zen-grids
  zurb-foundation
